PATH
  remote: .
  specs:
    game_framework (0.0.1)
      rubygame

GEM
  remote: http://rubygems.org/
  specs:
    ffi (1.0.5)
      rake (>= 0.8.7)
    nice-ffi (0.4)
      ffi (>= 0.5.0)
    rake (0.8.7)
    ruby-sdl-ffi (0.3)
      nice-ffi (>= 0.2)
    rubygame (2.6.4)
      rake (>= 0.7.0)
      ruby-sdl-ffi (>= 0.1.0)

PLATFORMS
  ruby

DEPENDENCIES
  game_framework!
  rubygame
